PATH
  remote: .
  specs:
    gemcutter (0.7.0)

GEM
  remote: http://rubygems.org/
  specs:
    activesupport (3.0.9)
    addressable (2.2.6)
    crack (0.1.8)
    i18n (0.6.0)
    rake (0.9.2)
    rr (1.0.2)
    shoulda (2.11.3)
    webmock (1.6.4)
      addressable (~> 2.2, > 2.2.5)
      crack (>= 0.1.7)

PLATFORMS
  java
  ruby

DEPENDENCIES
  activesupport
  gemcutter!
  i18n
  rake
  rr
  shoulda
  webmock
